GEM
  remote: http://rubygems.org/
  specs:
    addressable (2.4.0)
    awesome_print (1.6.1)
    bloomfilter-rb (2.1.1)
      redis
    buftok (0.2.0)
    cookiejar (0.3.0)
    daemons (1.2.3)
    em-http-request (1.1.3)
      addressable (>= 2.3.4)
      cookiejar (<= 0.3.0)
      em-socksify (>= 0.3)
      eventmachine (>= 1.0.3)
      http_parser.rb (>= 0.6.0)
    em-socksify (0.3.1)
      eventmachine (>= 1.0.0.beta.4)
    em-twitter (0.3.5)
      buftok (~> 0.2)
      eventmachine (~> 1.0)
      http_parser.rb (~> 0.6)
      simple_oauth (~> 0.2)
    engtagger (0.2.0)
    erubis (2.7.0)
    eventmachine (1.0.9.1)
    excon (0.45.4)
    faraday (0.9.2)
      multipart-post (>= 1.2, < 3)
    fast-stemmer (1.0.2)
    gingerice (1.2.2)
      addressable
      awesome_print
    heroics (0.0.14)
      erubis (~> 2.7.0)
      excon
      moneta
      multi_json (>= 1.9.2)
      netrc
    highscore (1.2.0)
      bloomfilter-rb (>= 2.1.1)
      whatlanguage (>= 1.0.0)
    htmlentities (4.3.4)
    http_parser.rb (0.6.0)
    moneta (0.8.0)
    multi_json (1.11.2)
    multipart-post (2.0.0)
    netrc (0.11.0)
    platform-api (0.5.0)
      heroics
    redis (3.2.2)
    rufus-scheduler (3.2.0)
    simple_oauth (0.2.0)
    tweetstream (2.6.0)
      daemons (~> 1.1)
      em-http-request (>= 1.1.1)
      em-twitter (~> 0.3)
      multi_json (~> 1.3)
      twitter (~> 4.8)
    twitter (4.8.1)
      faraday (~> 0.8, < 0.10)
      multi_json (~> 1.0)
      simple_oauth (~> 0.2)
    twitter_ebooks (2.3.2)
      engtagger
      fast-stemmer
      gingerice
      highscore
      htmlentities
      rufus-scheduler
      simple_oauth (~> 0.2.0)
      tweetstream
      twitter (~> 4.0)
    whatlanguage (1.0.6)

PLATFORMS
  ruby

DEPENDENCIES
  platform-api
  twitter_ebooks (~> 2.3.2)

BUNDLED WITH
   1.11.2
